GEM
  remote: https://rubygems.org/
  specs:
    coderay (1.1.3)
    front_matter_parser (1.0.1)
    method_source (1.0.0)
    pry (0.14.1)
      coderay (~> 1.1)
      method_source (~> 1.0)
    redcarpet (3.5.1)

PLATFORMS
  x86_64-darwin-20

DEPENDENCIES
  front_matter_parser
  pry
  redcarpet

BUNDLED WITH
   2.2.32
